GEM
  remote: https://rubygems.org/
  specs:
    mini_portile2 (2.1.0)
    nokogiri (1.7.1)
      mini_portile2 (~> 2.1.0)
    parallel (1.11.2)
    ruby-progressbar (1.8.1)

PLATFORMS
  ruby

DEPENDENCIES
  nokogiri
  parallel
  ruby-progressbar

RUBY VERSION
   ruby 2.4.1p111

BUNDLED WITH
   1.15.0
